GEM
  remote: http://rubygems.org/
  specs:
    abstract (1.0.0)
    actionmailer (2.3.8)
      actionpack (= 2.3.8)
    actionpack (2.3.8)
      activesupport (= 2.3.8)
      rack (~> 1.1.0)
    activerecord (2.3.8)
      activesupport (= 2.3.8)
    activeresource (2.3.8)
      activesupport (= 2.3.8)
    activesupport (2.3.8)
    acts_as_list (0.1.2)
    devise (1.0.7)
      warden (~> 0.10.3)
    erubis (2.6.6)
      abstract (>= 1.0.0)
    factory_girl (1.3.2)
    nokogiri (1.4.3.1)
    paperclip (2.3.3)
      activerecord
      activesupport
    rack (1.1.0)
    rack-test (0.5.5)
      rack (>= 1.0)
    rails (2.3.8)
      actionmailer (= 2.3.8)
      actionpack (= 2.3.8)
      activerecord (= 2.3.8)
      activeresource (= 2.3.8)
      activesupport (= 2.3.8)
      rake (>= 0.8.3)
    rake (0.8.7)
    rspec (1.3.0)
    rspec-rails (1.3.2)
      rack (>= 1.0.0)
      rspec (>= 1.3.0)
    shoulda (2.11.3)
    sprockets (1.0.2)
    sqlite3-ruby (1.3.1)
    warden (0.10.7)
      rack (>= 1.0.0)
    webrat (0.7.1)
      nokogiri (>= 1.2.0)
      rack (>= 1.0)
      rack-test (>= 0.5.3)
    will_paginate (2.3.11)

PLATFORMS
  ruby

DEPENDENCIES
  acts_as_list
  devise (= 1.0.7)
  erubis (= 2.6.6)
  factory_girl (>= 1.2.2)
  paperclip (= 2.3.3)
  rails (= 2.3.8)
  rspec (>= 1.3.0)
  rspec-rails (>= 1.3.2)
  shoulda (>= 2.11.3)
  sprockets
  sqlite3-ruby
  webrat (>= 0.6.0)
  will_paginate (= 2.3.11)
